PATH
  remote: .
  specs:
    sablon (0.0.21)
      nokogiri (>= 1.6.0)
      rubyzip (>= 1.1.1)

GEM
  remote: https://rubygems.org/
  specs:
    ast (2.3.0)
    byebug (9.0.6)
    codecov (0.1.10)
      json
      simplecov
      url
    coderay (1.1.1)
    docile (1.1.5)
    json (2.1.0)
    method_source (0.8.2)
    mini_portile2 (2.2.0)
    minitest (5.10.3)
    nokogiri (1.8.0)
      mini_portile2 (~> 2.2.0)
    parallel (1.12.0)
    parser (2.4.0.0)
      ast (~> 2.2)
    powerpack (0.1.1)
    pry (0.10.4)
      coderay (~> 1.1.0)
      method_source (~> 0.8.1)
      slop (~> 3.4)
    pry-byebug (3.4.2)
      byebug (~> 9.0)
      pry (~> 0.10)
    rainbow (2.2.2)
      rake
    rake (10.5.0)
    rubocop (0.49.1)
      parallel (~> 1.10)
      parser (>= 2.3.3.1, < 3.0)
      powerpack (~> 0.1)
      rainbow (>= 1.99.1, < 3.0)
      ruby-progressbar (~> 1.7)
      unicode-display_width (~> 1.0, >= 1.0.1)
    ruby-progressbar (1.8.1)
    rubyzip (1.2.1)
    simplecov (0.14.1)
      docile (~> 1.1.0)
      json (>= 1.8, < 3)
      simplecov-html (~> 0.10.0)
    simplecov-html (0.10.1)
    slop (3.6.0)
    unicode-display_width (1.3.0)
    url (0.3.2)
    xml-simple (1.1.5)

PLATFORMS
  ruby

DEPENDENCIES
  bundler (>= 1.6)
  codecov
  minitest (~> 5.4)
  pry-byebug
  rake (~> 10.0)
  rubocop
  sablon!
  xml-simple

BUNDLED WITH
   1.14.6
